GIT
  remote: git@github.com:codeZeilen/wunderlist-api.git
  revision: 6672e57a86d367533da916bd47fd28eb3d44e5c1
  specs:
    wunderlist-api (0.7.1)
      activesupport (~> 4.0.0)
      faraday (~> 0.9.1)

GEM
  remote: https://rubygems.org/
  specs:
    activesupport (4.0.13)
      i18n (~> 0.6, >= 0.6.9)
      minitest (~> 4.2)
      multi_json (~> 1.3)
      thread_safe (~> 0.1)
      tzinfo (~> 0.3.37)
    faraday (0.9.2)
      multipart-post (>= 1.2, < 3)
    i18n (0.7.0)
    mime-types (2.6.2)
    minitest (4.7.5)
    multi_json (1.11.2)
    multipart-post (2.0.0)
    netrc (0.10.3)
    rack (1.6.4)
    rack-protection (1.5.3)
      rack
    rest-client (1.7.3)
      mime-types (>= 1.16, < 3.0)
      netrc (~> 0.7)
    sinatra (1.4.6)
      rack (~> 1.4)
      rack-protection (~> 1.4)
      tilt (>= 1.3, < 3)
    thread_safe (0.3.5)
    tilt (2.0.1)
    tzinfo (0.3.45)

PLATFORMS
  ruby

DEPENDENCIES
  rest-client (< 1.8)
  sinatra
  wunderlist-api!
