GIT
  remote: https://github.com/codeZeilen/wunderlist-api.git
  revision: f5e00f1523e40c82966c8ec2bcde1c9d281fe07b
  branch: completed-at-and-user-interface
  specs:
    wunderlist-api (0.7.1)
      activesupport (~> 4.0.0)
      faraday (~> 0.9.1)

GEM
  remote: https://rubygems.org/
  specs:
    activesupport (4.0.13)
      i18n (~> 0.6, >= 0.6.9)
      minitest (~> 4.2)
      multi_json (~> 1.3)
      thread_safe (~> 0.1)
      tzinfo (~> 0.3.37)
    faraday (0.9.2)
      multipart-post (>= 1.2, < 3)
    i18n (0.7.0)
    kgio (2.10.0)
    mime-types (2.6.2)
    minitest (4.7.5)
    multi_json (1.11.2)
    multipart-post (2.0.0)
    netrc (0.10.3)
    rack (1.6.4)
    rack-protection (1.5.3)
      rack
    raindrops (0.17.0)
    rest-client (1.7.3)
      mime-types (>= 1.16, < 3.0)
      netrc (~> 0.7)
    sinatra (1.4.6)
      rack (~> 1.4)
      rack-protection (~> 1.4)
      tilt (>= 1.3, < 3)
    thread_safe (0.3.5)
    tilt (2.0.1)
    tzinfo (0.3.45)
    unicorn (5.1.0)
      kgio (~> 2.6)
      raindrops (~> 0.7)

PLATFORMS
  ruby

DEPENDENCIES
  rest-client (< 1.8)
  sinatra
  unicorn
  wunderlist-api!

BUNDLED WITH
   1.12.5
